GEM
  remote: https://rubygems.org/
  specs:
    citrus (3.0.2)
    diplomat (0.15.0)
      faraday (~> 0.9)
      json (~> 1.8)
    faraday (0.9.2)
      multipart-post (>= 1.2, < 3)
    json (1.8.3)
    multipart-post (2.0.0)
    thor (0.19.1)
    toml-rb (0.3.12)
      citrus (~> 3.0, > 3.0)

PLATFORMS
  ruby

DEPENDENCIES
  diplomat (~> 0.15.0)
  thor (~> 0.19)
  toml-rb (~> 0.3.10)
